STORAGE: NONE
RESTRICTION: == netcoreapp3.1
NUGET
  remote: https://api.nuget.org/v3/index.json
    Fable.Core (3.1.4)
      FSharp.Core (>= 4.7)
    FSharp.Core (4.7)
    FSharpPlus (1.1.0-RC1)
      FSharp.Core (>= 4.6.2)
